NUGET
  remote: https://www.nuget.org/api/v2
  specs:
    FSharp.Core (4.0.0.1) - redirects: force

GROUP Build
NUGET
  remote: https://www.nuget.org/api/v2
  specs:
    FAKE (4.45.2)
    FSharp.Compiler.Service (2.0.0.6)
    FSharp.Formatting (2.14.4)
      FSharp.Compiler.Service (2.0.0.6)
      FSharpVSPowerTools.Core (>= 2.3 < 2.4)
    FSharpVSPowerTools.Core (2.3)
      FSharp.Compiler.Service (>= 2.0.0.3)
    Microsoft.Bcl (1.1.10) - framework: net10, net11, net20, net35, net40, net40-full
      Microsoft.Bcl.Build (>= 1.0.14)
    Microsoft.Bcl.Build (1.0.21) - import_targets: false, framework: net10, net11, net20, net35, net40, net40-full
    Microsoft.Net.Http (2.2.29) - framework: net10, net11, net20, net35, net40, net40-full
      Microsoft.Bcl (>= 1.1.10)
      Microsoft.Bcl.Build (>= 1.0.14)
    Octokit (0.23)
      Microsoft.Net.Http
    SourceLink.Fake (1.1)
GITHUB
  remote: fsharp/FAKE
  specs:
    modules/Octokit/Octokit.fsx (eaf899a7be2e2c0cb5c00a022f19f67c2d2c337e)
      Octokit
GROUP Example
NUGET
  remote: https://www.nuget.org/api/v2
  specs:
    DataConnectionDialog (1.2)
    FSharp.Compiler.Service (13.0)
      FSharp.Core (>= 4.1.17)
      Microsoft.DiaSymReader (>= 1.1)
      Microsoft.DiaSymReader.PortablePdb (>= 1.2)
      Microsoft.NETCore.Platforms (>= 1.1)
      Microsoft.NETCore.Targets (>= 1.1)
      NETStandard.Library (>= 1.6.1)
      runtime.native.System (>= 4.3)
      runtime.native.System.IO.Compression (>= 4.3)
      System.Buffers (>= 4.3)
      System.Collections (>= 4.3)
      System.Collections.Immutable (>= 1.3)
      System.Collections.Immutable (>= 1.3.1)
      System.Diagnostics.Debug (>= 4.3)
      System.Diagnostics.Process (>= 4.1)
      System.Diagnostics.TraceSource (>= 4.0)
      System.Diagnostics.Tracing (>= 4.3)
      System.Globalization (>= 4.3)
      System.IO (>= 4.3)
      System.IO.Compression (>= 4.3)
      System.Linq (>= 4.3)
      System.Reflection (>= 4.3)
      System.Reflection.Emit (>= 4.3)
      System.Reflection.Extensions (>= 4.3)
      System.Reflection.Metadata (>= 1.4.1)
      System.Reflection.Metadata (>= 1.4.2)
      System.Reflection.Primitives (>= 4.3)
      System.Reflection.TypeExtensions (>= 4.3)
      System.Resources.ResourceManager (>= 4.3)
      System.Runtime (>= 4.3)
      System.Runtime.Extensions (>= 4.3)
      System.Runtime.Handles (>= 4.3)
      System.Runtime.InteropServices (>= 4.3)
      System.Runtime.Loader (>= 4.0)
      System.Security.Cryptography.Algorithms (>= 4.3)
      System.Text.Encoding (>= 4.3)
      System.Text.Encoding.Extensions (>= 4.3)
      System.Threading (>= 4.3)
      System.Threading.Tasks (>= 4.3)
    FSharp.Core (4.2.1)
      System.Collections (>= 4.0.11)
      System.Console (>= 4.0)
      System.Diagnostics.Debug (>= 4.0.11)
      System.Diagnostics.Tools (>= 4.0.1)
      System.Globalization (>= 4.0.11)
      System.IO (>= 4.1)
      System.Linq (>= 4.1)
      System.Linq.Expressions (>= 4.1)
      System.Linq.Queryable (>= 4.0.1)
      System.Net.Requests (>= 4.0.11)
      System.Reflection (>= 4.1)
      System.Reflection.Extensions (>= 4.0.1)
      System.Resources.ResourceManager (>= 4.0.1)
      System.Runtime (>= 4.1)
      System.Runtime.Extensions (>= 4.1)
      System.Runtime.Numerics (>= 4.0.1)
      System.Text.RegularExpressions (>= 4.1)
      System.Threading (>= 4.0.11)
      System.Threading.Tasks (>= 4.0.11)
      System.Threading.Tasks.Parallel (>= 4.0.1)
      System.Threading.Thread (>= 4.0)
      System.Threading.ThreadPool (>= 4.0.10)
      System.Threading.Timer (>= 4.0.1)
    Microsoft.DiaSymReader (1.1)
      System.Diagnostics.Debug (>= 4.0.11)
      System.Runtime (>= 4.1)
      System.Runtime.InteropServices (>= 4.1)
    Microsoft.DiaSymReader.PortablePdb (1.2)
      Microsoft.DiaSymReader (>= 1.1)
      System.Collections (>= 4.3)
      System.Collections.Immutable (>= 1.3.1)
      System.Diagnostics.Debug (>= 4.3)
      System.Globalization (>= 4.3)
      System.IO (>= 4.3)
      System.Linq (>= 4.3)
      System.Reflection (>= 4.3)
      System.Reflection.Metadata (>= 1.4.2)
      System.Reflection.Primitives (>= 4.3)
      System.Runtime (>= 4.3)
      System.Runtime.Extensions (>= 4.3)
      System.Runtime.InteropServices (>= 4.3)
      System.Text.Encoding (>= 4.3)
      System.Threading (>= 4.3)
    Microsoft.NETCore.Platforms (1.1)
    Microsoft.NETCore.Targets (1.1)
    Microsoft.Win32.Primitives (4.3)
      Microsoft.NETCore.Platforms (>= 1.1) - framework: net10, net11, net20, net30, net35, net40, net40-full, net45, net451, net452, net453
      Microsoft.NETCore.Targets (>= 1.1) - framework: net10, net11, net20, net30, net35, net40, net40-full, net45, net451, net452, net453
      System.Runtime (>= 4.3) - framework: net10, net11, net20, net30, net35, net40, net40-full, net45, net451, net452, net453
    Microsoft.Win32.Registry (4.3) - framework: net10, net11, net20, net30, net35, net40, net40-full, net45, net451, net452, net453
      Microsoft.NETCore.Platforms (>= 1.1) - framework: net10, net11, net20, net30, net35, net40, net40-full, net45, net451, net452, net453
      System.Collections (>= 4.3) - framework: net10, net11, net20, net30, net35, net40, net40-full, net45, net451, net452, net453
      System.Globalization (>= 4.3) - framework: net10, net11, net20, net30, net35, net40, net40-full, net45, net451, net452, net453
      System.Resources.ResourceManager (>= 4.3) - framework: net10, net11, net20, net30, net35, net40, net40-full, net45, net451, net452, net453
      System.Runtime (>= 4.3) - framework: net10, net11, net20, net30, net35, net40, net40-full, net45, net451, net452, net453
      System.Runtime.Extensions (>= 4.3) - framework: net10, net11, net20, net30, net35, net40, net40-full, net45, net451, net452, net453
      System.Runtime.Handles (>= 4.3) - framework: net10, net11, net20, net30, net35, net40, net40-full, net45, net451, net452, net453
      System.Runtime.InteropServices (>= 4.3) - framework: net10, net11, net20, net30, net35, net40, net40-full, net45, net451, net452, net453
    NETStandard.Library (1.6.1)
      Microsoft.NETCore.Platforms (>= 1.1)
      Microsoft.Win32.Primitives (>= 4.3)
      System.AppContext (>= 4.3)
      System.Collections (>= 4.3)
      System.Collections.Concurrent (>= 4.3)
      System.Console (>= 4.3)
      System.Diagnostics.Debug (>= 4.3)
      System.Diagnostics.Tools (>= 4.3)
      System.Diagnostics.Tracing (>= 4.3)
      System.Globalization (>= 4.3)
      System.Globalization.Calendars (>= 4.3)
      System.IO (>= 4.3)
      System.IO.Compression (>= 4.3)
      System.IO.Compression.ZipFile (>= 4.3)
      System.IO.FileSystem (>= 4.3)
      System.IO.FileSystem.Primitives (>= 4.3)
      System.Linq (>= 4.3)
      System.Linq.Expressions (>= 4.3)
      System.Net.Http (>= 4.3)
      System.Net.Primitives (>= 4.3)
      System.Net.Sockets (>= 4.3)
      System.ObjectModel (>= 4.3)
      System.Reflection (>= 4.3)
      System.Reflection.Extensions (>= 4.3)
      System.Reflection.Primitives (>= 4.3)
      System.Resources.ResourceManager (>= 4.3)
      System.Runtime (>= 4.3)
      System.Runtime.Extensions (>= 4.3)
      System.Runtime.Handles (>= 4.3)
      System.Runtime.InteropServices (>= 4.3)
      System.Runtime.InteropServices.RuntimeInformation (>= 4.3)
      System.Runtime.Numerics (>= 4.3)
      System.Security.Cryptography.Algorithms (>= 4.3)
      System.Security.Cryptography.Encoding (>= 4.3)
      System.Security.Cryptography.Primitives (>= 4.3)
      System.Security.Cryptography.X509Certificates (>= 4.3)
      System.Text.Encoding (>= 4.3)
      System.Text.Encoding.Extensions (>= 4.3)
      System.Text.RegularExpressions (>= 4.3)
      System.Threading (>= 4.3)
      System.Threading.Tasks (>= 4.3)
      System.Threading.Timer (>= 4.3)
      System.Xml.ReaderWriter (>= 4.3)
      System.Xml.XDocument (>= 4.3)
    runtime.debian.8-x64.runtime.native.System.Security.Cryptography.OpenSsl (4.3.1) - framework: net10, net11, net20, net30, net35, net40, net40-full, net45, net451, net452, net453
    runtime.fedora.23-x64.runtime.native.System.Security.Cryptography.OpenSsl (4.3.1) - framework: net10, net11, net20, net30, net35, net40, net40-full, net45, net451, net452, net453
    runtime.fedora.24-x64.runtime.native.System.Security.Cryptography.OpenSsl (4.3.1) - framework: net10, net11, net20, net30, net35, net40, net40-full, net45, net451, net452, net453
    runtime.native.System (4.3)
      Microsoft.NETCore.Platforms (>= 1.1)
      Microsoft.NETCore.Targets (>= 1.1)
    runtime.native.System.IO.Compression (4.3)
      Microsoft.NETCore.Platforms (>= 1.1)
      Microsoft.NETCore.Targets (>= 1.1)
    runtime.native.System.Net.Http (4.3) - framework: net10, net11, net20, net30, net35, net40, net40-full, net45, net451, net452, net453
      Microsoft.NETCore.Platforms (>= 1.1)
      Microsoft.NETCore.Targets (>= 1.1)
    runtime.native.System.Security.Cryptography.Apple (4.3) - framework: net10, net11, net20, net30, net35, net40, net40-full, net45, net451, net452, net453
      runtime.osx.10.10-x64.runtime.native.System.Security.Cryptography.Apple (>= 4.3)
    runtime.native.System.Security.Cryptography.OpenSsl (4.3.1) - framework: net10, net11, net20, net30, net35, net40, net40-full, net45, net451, net452, net453
      runtime.debian.8-x64.runtime.native.System.Security.Cryptography.OpenSsl (>= 4.3.1)
      runtime.fedora.23-x64.runtime.native.System.Security.Cryptography.OpenSsl (>= 4.3.1)
      runtime.fedora.24-x64.runtime.native.System.Security.Cryptography.OpenSsl (>= 4.3.1)
      runtime.opensuse.13.2-x64.runtime.native.System.Security.Cryptography.OpenSsl (>= 4.3.1)
      runtime.opensuse.42.1-x64.runtime.native.System.Security.Cryptography.OpenSsl (>= 4.3.1)
      runtime.osx.10.10-x64.runtime.native.System.Security.Cryptography.OpenSsl (>= 4.3.1)
      runtime.rhel.7-x64.runtime.native.System.Security.Cryptography.OpenSsl (>= 4.3.1)
      runtime.ubuntu.14.04-x64.runtime.native.System.Security.Cryptography.OpenSsl (>= 4.3.1)
      runtime.ubuntu.16.04-x64.runtime.native.System.Security.Cryptography.OpenSsl (>= 4.3.1)
      runtime.ubuntu.16.10-x64.runtime.native.System.Security.Cryptography.OpenSsl (>= 4.3.1)
    runtime.opensuse.13.2-x64.runtime.native.System.Security.Cryptography.OpenSsl (4.3.1) - framework: net10, net11, net20, net30, net35, net40, net40-full, net45, net451, net452, net453
    runtime.opensuse.42.1-x64.runtime.native.System.Security.Cryptography.OpenSsl (4.3.1) - framework: net10, net11, net20, net30, net35, net40, net40-full, net45, net451, net452, net453
    runtime.osx.10.10-x64.runtime.native.System.Security.Cryptography.Apple (4.3) - framework: net10, net11, net20, net30, net35, net40, net40-full, net45, net451, net452, net453
    runtime.osx.10.10-x64.runtime.native.System.Security.Cryptography.OpenSsl (4.3.1) - framework: net10, net11, net20, net30, net35, net40, net40-full, net45, net451, net452, net453
    runtime.rhel.7-x64.runtime.native.System.Security.Cryptography.OpenSsl (4.3.1) - framework: net10, net11, net20, net30, net35, net40, net40-full, net45, net451, net452, net453
    runtime.ubuntu.14.04-x64.runtime.native.System.Security.Cryptography.OpenSsl (4.3.1) - framework: net10, net11, net20, net30, net35, net40, net40-full, net45, net451, net452, net453
    runtime.ubuntu.16.04-x64.runtime.native.System.Security.Cryptography.OpenSsl (4.3.1) - framework: net10, net11, net20, net30, net35, net40, net40-full, net45, net451, net452, net453
    runtime.ubuntu.16.10-x64.runtime.native.System.Security.Cryptography.OpenSsl (4.3.1) - framework: net10, net11, net20, net30, net35, net40, net40-full, net45, net451, net452, net453
    System.AppContext (4.3)
      System.Collections (>= 4.3) - framework: dnxcore50
      System.Resources.ResourceManager (>= 4.3) - framework: dnxcore50
      System.Runtime (>= 4.3) - framework: dnxcore50
      System.Threading (>= 4.3) - framework: dnxcore50
    System.Buffers (4.3)
      System.Diagnostics.Debug (>= 4.3) - framework: net10, net11, net20, net30, net35, net40, net40-full
      System.Diagnostics.Tracing (>= 4.3) - framework: net10, net11, net20, net30, net35, net40, net40-full
      System.Resources.ResourceManager (>= 4.3) - framework: net10, net11, net20, net30, net35, net40, net40-full
      System.Runtime (>= 4.3) - framework: net10, net11, net20, net30, net35, net40, net40-full
      System.Threading (>= 4.3) - framework: net10, net11, net20, net30, net35, net40, net40-full
    System.Collections (4.3)
      Microsoft.NETCore.Platforms (>= 1.1) - framework: dnxcore50
      Microsoft.NETCore.Targets (>= 1.1) - framework: dnxcore50
      System.Runtime (>= 4.3) - framework: dnxcore50
    System.Collections.Concurrent (4.3)
      System.Collections (>= 4.3) - framework: dnxcore50
      System.Diagnostics.Debug (>= 4.3) - framework: dnxcore50
      System.Diagnostics.Tracing (>= 4.3) - framework: dnxcore50
      System.Globalization (>= 4.3) - framework: dnxcore50
      System.Reflection (>= 4.3) - framework: net10, net11, net20, net30, net35, net40, net40-full
      System.Resources.ResourceManager (>= 4.3) - framework: dnxcore50
      System.Runtime (>= 4.3) - framework: dnxcore50
      System.Runtime.Extensions (>= 4.3) - framework: dnxcore50
      System.Threading (>= 4.3) - framework: dnxcore50
      System.Threading.Tasks (>= 4.3) - framework: dnxcore50
    System.Collections.Immutable (1.3.1)
      System.Collections (>= 4.3) - framework: net10, net11, net20, net30, net35, net40, net40-full
      System.Diagnostics.Debug (>= 4.3) - framework: net10, net11, net20, net30, net35, net40, net40-full
      System.Globalization (>= 4.3) - framework: net10, net11, net20, net30, net35, net40, net40-full
      System.Linq (>= 4.3) - framework: net10, net11, net20, net30, net35, net40, net40-full
      System.Resources.ResourceManager (>= 4.3) - framework: net10, net11, net20, net30, net35, net40, net40-full
      System.Runtime (>= 4.3) - framework: net10, net11, net20, net30, net35, net40, net40-full
      System.Runtime.Extensions (>= 4.3) - framework: net10, net11, net20, net30, net35, net40, net40-full
      System.Threading (>= 4.3) - framework: net10, net11, net20, net30, net35, net40, net40-full
    System.Console (4.3)
      Microsoft.NETCore.Platforms (>= 1.1) - framework: net10, net11, net20, net30, net35, net40, net40-full, net45, net451, net452, net453
      Microsoft.NETCore.Targets (>= 1.1) - framework: net10, net11, net20, net30, net35, net40, net40-full, net45, net451, net452, net453
      System.IO (>= 4.3) - framework: net10, net11, net20, net30, net35, net40, net40-full, net45, net451, net452, net453
      System.Runtime (>= 4.3) - framework: net10, net11, net20, net30, net35, net40, net40-full, net45, net451, net452, net453
      System.Text.Encoding (>= 4.3) - framework: net10, net11, net20, net30, net35, net40, net40-full, net45, net451, net452, net453
    System.Diagnostics.Contracts (4.3) - framework: dnxcore50
      System.Runtime (>= 4.3) - framework: dnxcore50
    System.Diagnostics.Debug (4.3)
      Microsoft.NETCore.Platforms (>= 1.1) - framework: dnxcore50
      Microsoft.NETCore.Targets (>= 1.1) - framework: dnxcore50
      System.Runtime (>= 4.3) - framework: dnxcore50
    System.Diagnostics.DiagnosticSource (4.4) - framework: dnxcore50
    System.Diagnostics.Process (4.3)
      Microsoft.NETCore.Platforms (>= 1.1) - framework: net10, net11, net20, net30, net35, net40, net40-full, net45, net451, net452, net453
      Microsoft.Win32.Primitives (>= 4.3) - framework: net10, net11, net20, net30, net35, net40, net40-full, net45, net451, net452, net453
      Microsoft.Win32.Registry (>= 4.3) - framework: net10, net11, net20, net30, net35, net40, net40-full, net45, net451, net452, net453
      runtime.native.System (>= 4.3) - framework: net10, net11, net20, net30, net35, net40, net40-full, net45, net451, net452, net453
      System.Collections (>= 4.3) - framework: net10, net11, net20, net30, net35, net40, net40-full, net45, net451, net452, net453
      System.Diagnostics.Debug (>= 4.3) - framework: net10, net11, net20, net30, net35, net40, net40-full, net45, net451, net452, net453
      System.Globalization (>= 4.3) - framework: net10, net11, net20, net30, net35, net40, net40-full, net45, net451, net452, net453
      System.IO (>= 4.3) - framework: net10, net11, net20, net30, net35, net40, net40-full, net45, net451, net452, net453
      System.IO.FileSystem (>= 4.3) - framework: net10, net11, net20, net30, net35, net40, net40-full, net45, net451, net452, net453
      System.IO.FileSystem.Primitives (>= 4.3) - framework: net10, net11, net20, net30, net35, net40, net40-full, net45, net451, net452, net453
      System.Resources.ResourceManager (>= 4.3) - framework: net10, net11, net20, net30, net35, net40, net40-full, net45, net451, net452, net453
      System.Runtime (>= 4.3) - framework: net10, net11, net20, net30, net35, net40, net40-full, net45, net451, net452, net453
      System.Runtime.Extensions (>= 4.3) - framework: net10, net11, net20, net30, net35, net40, net40-full, net45, net451, net452, net453
      System.Runtime.Handles (>= 4.3) - framework: net10, net11, net20, net30, net35, net40, net40-full, net45, net451, net452, net453
      System.Runtime.InteropServices (>= 4.3) - framework: net10, net11, net20, net30, net35, net40, net40-full, net45, net451, net452, net453
      System.Text.Encoding (>= 4.3) - framework: net10, net11, net20, net30, net35, net40, net40-full, net45, net451, net452, net453
      System.Text.Encoding.Extensions (>= 4.3) - framework: net10, net11, net20, net30, net35, net40, net40-full, net45, net451, net452, net453
      System.Threading (>= 4.3) - framework: net10, net11, net20, net30, net35, net40, net40-full, net45, net451, net452, net453
      System.Threading.Tasks (>= 4.3) - framework: net10, net11, net20, net30, net35, net40, net40-full, net45, net451, net452, net453
      System.Threading.Thread (>= 4.3) - framework: net10, net11, net20, net30, net35, net40, net40-full, net45, net451, net452, net453
      System.Threading.ThreadPool (>= 4.3) - framework: net10, net11, net20, net30, net35, net40, net40-full, net45, net451, net452, net453
    System.Diagnostics.Tools (4.3)
      Microsoft.NETCore.Platforms (>= 1.1) - framework: dnxcore50
      Microsoft.NETCore.Targets (>= 1.1) - framework: dnxcore50
      System.Runtime (>= 4.3) - framework: dnxcore50
    System.Diagnostics.TraceSource (4.3)
      Microsoft.NETCore.Platforms (>= 1.1) - framework: net10, net11, net20, net30, net35, net40, net40-full, net45, net451, net452, net453
      runtime.native.System (>= 4.3) - framework: net10, net11, net20, net30, net35, net40, net40-full, net45, net451, net452, net453
      System.Collections (>= 4.3) - framework: net10, net11, net20, net30, net35, net40, net40-full, net45, net451, net452, net453
      System.Diagnostics.Debug (>= 4.3) - framework: net10, net11, net20, net30, net35, net40, net40-full, net45, net451, net452, net453
      System.Globalization (>= 4.3) - framework: net10, net11, net20, net30, net35, net40, net40-full, net45, net451, net452, net453
      System.Resources.ResourceManager (>= 4.3) - framework: net10, net11, net20, net30, net35, net40, net40-full, net45, net451, net452, net453
      System.Runtime (>= 4.3) - framework: net10, net11, net20, net30, net35, net40, net40-full, net45, net451, net452, net453
      System.Runtime.Extensions (>= 4.3) - framework: net10, net11, net20, net30, net35, net40, net40-full, net45, net451, net452, net453
      System.Threading (>= 4.3) - framework: net10, net11, net20, net30, net35, net40, net40-full, net45, net451, net452, net453
    System.Diagnostics.Tracing (4.3)
      Microsoft.NETCore.Platforms (>= 1.1) - framework: dnxcore50
      Microsoft.NETCore.Targets (>= 1.1) - framework: dnxcore50
      System.Runtime (>= 4.3) - framework: dnxcore50
    System.Globalization (4.3)
      Microsoft.NETCore.Platforms (>= 1.1) - framework: dnxcore50
      Microsoft.NETCore.Targets (>= 1.1) - framework: dnxcore50
      System.Runtime (>= 4.3) - framework: dnxcore50
    System.Globalization.Calendars (4.3)
      Microsoft.NETCore.Platforms (>= 1.1) - framework: net10, net11, net20, net30, net35, net40, net40-full, net45, net451, net452, net453
      Microsoft.NETCore.Targets (>= 1.1) - framework: net10, net11, net20, net30, net35, net40, net40-full, net45, net451, net452, net453
      System.Globalization (>= 4.3) - framework: net10, net11, net20, net30, net35, net40, net40-full, net45, net451, net452, net453
      System.Runtime (>= 4.3) - framework: net10, net11, net20, net30, net35, net40, net40-full, net45, net451, net452, net453
    System.Globalization.Extensions (4.3) - framework: net10, net11, net20, net30, net35, net40, net40-full
      Microsoft.NETCore.Platforms (>= 1.1) - framework: net10, net11, net20, net30, net35, net40, net40-full, net45, net451, net452, net453
      System.Globalization (>= 4.3) - framework: net10, net11, net20, net30, net35, net40, net40-full, net45, net451, net452, net453
      System.Resources.ResourceManager (>= 4.3) - framework: net10, net11, net20, net30, net35, net40, net40-full, net45, net451, net452, net453
      System.Runtime (>= 4.3) - framework: net10, net11, net20, net30, net35, net40, net40-full, net45, net451, net452, net453
      System.Runtime.Extensions (>= 4.3) - framework: net10, net11, net20, net30, net35, net40, net40-full, net45, net451, net452, net453
      System.Runtime.InteropServices (>= 4.3) - framework: net10, net11, net20, net30, net35, net40, net40-full, net45, net451, net452, net453
    System.IO (4.3)
      Microsoft.NETCore.Platforms (>= 1.1) - framework: dnxcore50
      Microsoft.NETCore.Targets (>= 1.1) - framework: dnxcore50
      System.Runtime (>= 4.3) - framework: dnxcore50
      System.Text.Encoding (>= 4.3) - framework: dnxcore50
      System.Threading.Tasks (>= 4.3) - framework: dnxcore50
    System.IO.Compression (4.3)
      Microsoft.NETCore.Platforms (>= 1.1) - framework: net10, net11, net20, net30, net35, net40, net40-full
      runtime.native.System (>= 4.3) - framework: net10, net11, net20, net30, net35, net40, net40-full
      runtime.native.System.IO.Compression (>= 4.3) - framework: dnxcore50
      System.Buffers (>= 4.3) - framework: dnxcore50
      System.Collections (>= 4.3) - framework: dnxcore50
      System.Diagnostics.Debug (>= 4.3) - framework: dnxcore50
      System.IO (>= 4.3) - framework: dnxcore50
      System.Resources.ResourceManager (>= 4.3) - framework: dnxcore50
      System.Runtime (>= 4.3) - framework: dnxcore50
      System.Runtime.Extensions (>= 4.3) - framework: dnxcore50
      System.Runtime.Handles (>= 4.3) - framework: dnxcore50
      System.Runtime.InteropServices (>= 4.3) - framework: dnxcore50
      System.Text.Encoding (>= 4.3) - framework: dnxcore50
      System.Threading (>= 4.3) - framework: dnxcore50
      System.Threading.Tasks (>= 4.3) - framework: dnxcore50
    System.IO.Compression.ZipFile (4.3)
      System.Buffers (>= 4.3) - framework: net10, net11, net20, net30, net35, net40, net40-full, net45, net451, net452, net453
      System.IO (>= 4.3) - framework: net10, net11, net20, net30, net35, net40, net40-full, net45, net451, net452, net453
      System.IO.Compression (>= 4.3) - framework: net10, net11, net20, net30, net35, net40, net40-full, net45, net451, net452, net453
      System.IO.FileSystem (>= 4.3) - framework: net10, net11, net20, net30, net35, net40, net40-full, net45, net451, net452, net453
      System.IO.FileSystem.Primitives (>= 4.3) - framework: net10, net11, net20, net30, net35, net40, net40-full, net45, net451, net452, net453
      System.Resources.ResourceManager (>= 4.3) - framework: net10, net11, net20, net30, net35, net40, net40-full, net45, net451, net452, net453
      System.Runtime (>= 4.3) - framework: net10, net11, net20, net30, net35, net40, net40-full, net45, net451, net452, net453
      System.Runtime.Extensions (>= 4.3) - framework: net10, net11, net20, net30, net35, net40, net40-full, net45, net451, net452, net453
      System.Text.Encoding (>= 4.3) - framework: net10, net11, net20, net30, net35, net40, net40-full, net45, net451, net452, net453
    System.IO.FileSystem (4.3)
      Microsoft.NETCore.Platforms (>= 1.1) - framework: net10, net11, net20, net30, net35, net40, net40-full, net45, net451, net452, net453
      Microsoft.NETCore.Targets (>= 1.1) - framework: net10, net11, net20, net30, net35, net40, net40-full, net45, net451, net452, net453
      System.IO (>= 4.3) - framework: net10, net11, net20, net30, net35, net40, net40-full, net45, net451, net452, net453
      System.IO.FileSystem.Primitives (>= 4.3) - framework: >= net46
      System.Runtime (>= 4.3) - framework: net10, net11, net20, net30, net35, net40, net40-full, net45, net451, net452, net453
      System.Runtime.Handles (>= 4.3) - framework: net10, net11, net20, net30, net35, net40, net40-full, net45, net451, net452, net453
      System.Text.Encoding (>= 4.3) - framework: net10, net11, net20, net30, net35, net40, net40-full, net45, net451, net452, net453
      System.Threading.Tasks (>= 4.3) - framework: net10, net11, net20, net30, net35, net40, net40-full, net45, net451, net452, net453
    System.IO.FileSystem.Primitives (4.3)
      System.Runtime (>= 4.3) - framework: net10, net11, net20, net30, net35, net40, net40-full, net45, net451, net452, net453
    System.Linq (4.3)
      System.Collections (>= 4.3) - framework: dnxcore50
      System.Diagnostics.Debug (>= 4.3) - framework: dnxcore50
      System.Resources.ResourceManager (>= 4.3) - framework: dnxcore50
      System.Runtime (>= 4.3) - framework: dnxcore50
      System.Runtime.Extensions (>= 4.3) - framework: dnxcore50
    System.Linq.Expressions (4.3)
      System.Collections (>= 4.3) - framework: dnxcore50
      System.Diagnostics.Debug (>= 4.3) - framework: dnxcore50
      System.Globalization (>= 4.3) - framework: dnxcore50
      System.IO (>= 4.3) - framework: dnxcore50
      System.Linq (>= 4.3) - framework: dnxcore50
      System.ObjectModel (>= 4.3) - framework: net10, net11, net20, net30, net35, net40, net40-full
      System.Reflection (>= 4.3) - framework: dnxcore50
      System.Reflection.Emit (>= 4.3) - framework: net10, net11, net20, net30, net35, net40, net40-full
      System.Reflection.Emit.ILGeneration (>= 4.3) - framework: dnxcore50
      System.Reflection.Emit.Lightweight (>= 4.3) - framework: dnxcore50
      System.Reflection.Extensions (>= 4.3) - framework: dnxcore50
      System.Reflection.Primitives (>= 4.3) - framework: dnxcore50
      System.Reflection.TypeExtensions (>= 4.3) - framework: dnxcore50
      System.Resources.ResourceManager (>= 4.3) - framework: dnxcore50
      System.Runtime (>= 4.3) - framework: dnxcore50
      System.Runtime.Extensions (>= 4.3) - framework: dnxcore50
      System.Threading (>= 4.3) - framework: dnxcore50
    System.Linq.Queryable (4.3)
      System.Collections (>= 4.3) - framework: dnxcore50
      System.Diagnostics.Debug (>= 4.3) - framework: dnxcore50
      System.Linq (>= 4.3) - framework: dnxcore50
      System.Linq.Expressions (>= 4.3) - framework: dnxcore50
      System.Reflection (>= 4.3) - framework: dnxcore50
      System.Reflection.Extensions (>= 4.3) - framework: dnxcore50
      System.Resources.ResourceManager (>= 4.3) - framework: dnxcore50
      System.Runtime (>= 4.3) - framework: dnxcore50
    System.Net.Http (4.3.2)
      Microsoft.NETCore.Platforms (>= 1.1) - framework: dnxcore50
      Microsoft.Win32.Primitives (>= 4.3) - framework: net10, net11, net20, net30, net35, net40, net40-full
      runtime.native.System (>= 4.3) - framework: net10, net11, net20, net30, net35, net40, net40-full
      runtime.native.System.Net.Http (>= 4.3) - framework: net10, net11, net20, net30, net35, net40, net40-full
      runtime.native.System.Security.Cryptography.OpenSsl (>= 4.3) - framework: net10, net11, net20, net30, net35, net40, net40-full
      System.Collections (>= 4.3) - framework: dnxcore50
      System.Diagnostics.Debug (>= 4.3) - framework: dnxcore50
      System.Diagnostics.DiagnosticSource (>= 4.3) - framework: dnxcore50
      System.Diagnostics.Tracing (>= 4.3) - framework: dnxcore50
      System.Globalization (>= 4.3) - framework: dnxcore50
      System.Globalization.Extensions (>= 4.3) - framework: net10, net11, net20, net30, net35, net40, net40-full
      System.IO (>= 4.3) - framework: dnxcore50
      System.IO.Compression (>= 4.3) - framework: net10, net11, net20, net30, net35, net40, net40-full
      System.IO.FileSystem (>= 4.3) - framework: net10, net11, net20, net30, net35, net40, net40-full
      System.Net.Primitives (>= 4.3) - framework: dnxcore50
      System.Resources.ResourceManager (>= 4.3) - framework: dnxcore50
      System.Runtime (>= 4.3) - framework: dnxcore50
      System.Runtime.Extensions (>= 4.3) - framework: dnxcore50
      System.Runtime.Handles (>= 4.3) - framework: net10, net11, net20, net30, net35, net40, net40-full
      System.Runtime.InteropServices (>= 4.3) - framework: dnxcore50
      System.Runtime.WindowsRuntime (>= 4.3) - framework: dnxcore50
      System.Security.Cryptography.Algorithms (>= 4.3) - framework: net10, net11, net20, net30, net35, net40, net40-full
      System.Security.Cryptography.Encoding (>= 4.3) - framework: net10, net11, net20, net30, net35, net40, net40-full
      System.Security.Cryptography.OpenSsl (>= 4.3) - framework: net10, net11, net20, net30, net35, net40, net40-full
      System.Security.Cryptography.Primitives (>= 4.3) - framework: net10, net11, net20, net30, net35, net40, net40-full
      System.Security.Cryptography.X509Certificates (>= 4.3) - framework: >= net46, dnxcore50
      System.Text.Encoding (>= 4.3) - framework: dnxcore50
      System.Text.Encoding.Extensions (>= 4.3) - framework: dnxcore50
      System.Threading (>= 4.3) - framework: dnxcore50
      System.Threading.Tasks (>= 4.3) - framework: dnxcore50
    System.Net.Primitives (4.3)
      Microsoft.NETCore.Platforms (>= 1.1) - framework: dnxcore50
      Microsoft.NETCore.Targets (>= 1.1) - framework: dnxcore50
      System.Runtime (>= 4.3) - framework: dnxcore50
      System.Runtime.Handles (>= 4.3) - framework: dnxcore50
    System.Net.Requests (4.3)
      Microsoft.NETCore.Platforms (>= 1.1) - framework: net10, net11, net20, net30, net35, net40, net40-full
      System.Collections (>= 4.3) - framework: dnxcore50
      System.Diagnostics.Debug (>= 4.3) - framework: dnxcore50
      System.Diagnostics.Tracing (>= 4.3) - framework: dnxcore50
      System.Globalization (>= 4.3) - framework: dnxcore50
      System.IO (>= 4.3) - framework: dnxcore50
      System.Net.Http (>= 4.3) - framework: dnxcore50
      System.Net.Primitives (>= 4.3) - framework: dnxcore50
      System.Net.WebHeaderCollection (>= 4.3) - framework: dnxcore50
      System.Resources.ResourceManager (>= 4.3) - framework: dnxcore50
      System.Runtime (>= 4.3) - framework: dnxcore50
      System.Threading (>= 4.3) - framework: dnxcore50
      System.Threading.Tasks (>= 4.3) - framework: dnxcore50
    System.Net.Sockets (4.3)
      Microsoft.NETCore.Platforms (>= 1.1) - framework: net10, net11, net20, net30, net35, net40, net40-full, net45, net451, net452, net453
      Microsoft.NETCore.Targets (>= 1.1) - framework: net10, net11, net20, net30, net35, net40, net40-full, net45, net451, net452, net453
      System.IO (>= 4.3) - framework: net10, net11, net20, net30, net35, net40, net40-full, net45, net451, net452, net453
      System.Net.Primitives (>= 4.3) - framework: net10, net11, net20, net30, net35, net40, net40-full, net45, net451, net452, net453
      System.Runtime (>= 4.3) - framework: net10, net11, net20, net30, net35, net40, net40-full, net45, net451, net452, net453
      System.Threading.Tasks (>= 4.3) - framework: net10, net11, net20, net30, net35, net40, net40-full, net45, net451, net452, net453
    System.Net.WebHeaderCollection (4.3) - framework: dnxcore50
    System.ObjectModel (4.3)
      System.Collections (>= 4.3) - framework: dnxcore50
      System.Diagnostics.Debug (>= 4.3) - framework: dnxcore50
      System.Resources.ResourceManager (>= 4.3) - framework: dnxcore50
      System.Runtime (>= 4.3) - framework: dnxcore50
      System.Threading (>= 4.3) - framework: dnxcore50
    System.Reflection (4.3)
      Microsoft.NETCore.Platforms (>= 1.1) - framework: dnxcore50
      Microsoft.NETCore.Targets (>= 1.1) - framework: dnxcore50
      System.IO (>= 4.3) - framework: dnxcore50
      System.Reflection.Primitives (>= 4.3) - framework: dnxcore50
      System.Runtime (>= 4.3) - framework: dnxcore50
    System.Reflection.Emit (4.3)
      System.IO (>= 4.3) - framework: net10, net11, net20, net30, net35, net40, net40-full
      System.Reflection (>= 4.3) - framework: net10, net11, net20, net30, net35, net40, net40-full
      System.Reflection.Emit.ILGeneration (>= 4.3) - framework: net10, net11, net20, net30, net35, net40, net40-full
      System.Reflection.Primitives (>= 4.3) - framework: net10, net11, net20, net30, net35, net40, net40-full
      System.Runtime (>= 4.3) - framework: net10, net11, net20, net30, net35, net40, net40-full
    System.Reflection.Emit.ILGeneration (4.3) - framework: net10, net11, net20, net30, net35, net40, net40-full, dnxcore50
      System.Reflection (>= 4.3) - framework: net10, net11, net20, net30, net35, net40, net40-full
      System.Reflection.Primitives (>= 4.3) - framework: net10, net11, net20, net30, net35, net40, net40-full
      System.Runtime (>= 4.3) - framework: net10, net11, net20, net30, net35, net40, net40-full
    System.Reflection.Emit.Lightweight (4.3) - framework: dnxcore50
    System.Reflection.Extensions (4.3)
      Microsoft.NETCore.Platforms (>= 1.1) - framework: dnxcore50
      Microsoft.NETCore.Targets (>= 1.1) - framework: dnxcore50
      System.Reflection (>= 4.3) - framework: dnxcore50
      System.Runtime (>= 4.3) - framework: dnxcore50
    System.Reflection.Metadata (1.4.2)
      System.Collections (>= 4.3) - framework: net10, net11, net20, net30, net35, net40, net40-full
      System.Collections.Immutable (>= 1.1.37) - framework: portable-net45+win8
      System.Collections.Immutable (>= 1.3.1) - framework: >= net45, monoandroid, monotouch, xamarinios, xamarinmac, winv4.5, wpav8.1
      System.Diagnostics.Debug (>= 4.3) - framework: net10, net11, net20, net30, net35, net40, net40-full
      System.IO (>= 4.3) - framework: net10, net11, net20, net30, net35, net40, net40-full
      System.IO.Compression (>= 4.3) - framework: net10, net11, net20, net30, net35, net40, net40-full
      System.Linq (>= 4.3) - framework: net10, net11, net20, net30, net35, net40, net40-full
      System.Reflection (>= 4.3) - framework: net10, net11, net20, net30, net35, net40, net40-full
      System.Reflection.Extensions (>= 4.3) - framework: net10, net11, net20, net30, net35, net40, net40-full
      System.Reflection.Primitives (>= 4.3) - framework: net10, net11, net20, net30, net35, net40, net40-full
      System.Resources.ResourceManager (>= 4.3) - framework: net10, net11, net20, net30, net35, net40, net40-full
      System.Runtime (>= 4.3) - framework: net10, net11, net20, net30, net35, net40, net40-full
      System.Runtime.Extensions (>= 4.3) - framework: net10, net11, net20, net30, net35, net40, net40-full
      System.Runtime.InteropServices (>= 4.3) - framework: net10, net11, net20, net30, net35, net40, net40-full
      System.Text.Encoding (>= 4.3) - framework: net10, net11, net20, net30, net35, net40, net40-full
      System.Text.Encoding.Extensions (>= 4.3) - framework: net10, net11, net20, net30, net35, net40, net40-full
      System.Threading (>= 4.3) - framework: net10, net11, net20, net30, net35, net40, net40-full
    System.Reflection.Primitives (4.3)
      Microsoft.NETCore.Platforms (>= 1.1) - framework: dnxcore50
      Microsoft.NETCore.Targets (>= 1.1) - framework: dnxcore50
      System.Runtime (>= 4.3) - framework: dnxcore50
    System.Reflection.TypeExtensions (4.3)
      System.Diagnostics.Contracts (>= 4.3) - framework: dnxcore50
      System.Diagnostics.Debug (>= 4.3) - framework: dnxcore50
      System.Linq (>= 4.3) - framework: dnxcore50
      System.Reflection (>= 4.3) - framework: dnxcore50
      System.Reflection.Primitives (>= 4.3) - framework: dnxcore50
      System.Resources.ResourceManager (>= 4.3) - framework: dnxcore50
      System.Runtime (>= 4.3) - framework: dnxcore50
      System.Runtime.Extensions (>= 4.3) - framework: dnxcore50
    System.Resources.ResourceManager (4.3)
      Microsoft.NETCore.Platforms (>= 1.1) - framework: dnxcore50
      Microsoft.NETCore.Targets (>= 1.1) - framework: dnxcore50
      System.Globalization (>= 4.3) - framework: dnxcore50
      System.Reflection (>= 4.3) - framework: dnxcore50
      System.Runtime (>= 4.3) - framework: dnxcore50
    System.Runtime (4.3)
      Microsoft.NETCore.Platforms (>= 1.1) - framework: dnxcore50
      Microsoft.NETCore.Targets (>= 1.1) - framework: dnxcore50
    System.Runtime.Extensions (4.3)
      Microsoft.NETCore.Platforms (>= 1.1) - framework: dnxcore50
      Microsoft.NETCore.Targets (>= 1.1) - framework: dnxcore50
      System.Runtime (>= 4.3) - framework: dnxcore50
    System.Runtime.Handles (4.3)
      Microsoft.NETCore.Platforms (>= 1.1) - framework: net10, net11, net20, net30, net35, net40, net40-full, net45, net451, net452, net453
      Microsoft.NETCore.Targets (>= 1.1) - framework: net10, net11, net20, net30, net35, net40, net40-full, net45, net451, net452, net453
      System.Runtime (>= 4.3) - framework: net10, net11, net20, net30, net35, net40, net40-full, net45, net451, net452, net453
    System.Runtime.InteropServices (4.3)
      Microsoft.NETCore.Platforms (>= 1.1) - framework: dnxcore50
      Microsoft.NETCore.Targets (>= 1.1) - framework: dnxcore50
      System.Reflection (>= 4.3) - framework: dnxcore50
      System.Reflection.Primitives (>= 4.3) - framework: dnxcore50
      System.Runtime (>= 4.3) - framework: dnxcore50
      System.Runtime.Handles (>= 4.3) - framework: dnxcore50
    System.Runtime.InteropServices.RuntimeInformation (4.3)
      Microsoft.NETCore.Platforms (>= 1.1) - framework: dnxcore50
      runtime.native.System (>= 4.3) - framework: net10, net11, net20, net30, net35, net40, net40-full
      System.Reflection (>= 4.3) - framework: dnxcore50
      System.Reflection.Extensions (>= 4.3) - framework: dnxcore50
      System.Resources.ResourceManager (>= 4.3) - framework: dnxcore50
      System.Runtime (>= 4.3) - framework: dnxcore50
      System.Runtime.InteropServices (>= 4.3) - framework: net10, net11, net20, net30, net35, net40, net40-full
      System.Threading (>= 4.3) - framework: dnxcore50
    System.Runtime.Loader (4.3)
      System.IO (>= 4.3)
      System.Reflection (>= 4.3)
      System.Runtime (>= 4.3)
    System.Runtime.Numerics (4.3)
      System.Globalization (>= 4.3) - framework: dnxcore50
      System.Resources.ResourceManager (>= 4.3) - framework: dnxcore50
      System.Runtime (>= 4.3) - framework: dnxcore50
      System.Runtime.Extensions (>= 4.3) - framework: dnxcore50
    System.Runtime.WindowsRuntime (4.3) - framework: dnxcore50
      Microsoft.NETCore.Platforms (>= 1.1) - framework: dnxcore50
      System.Diagnostics.Debug (>= 4.3) - framework: dnxcore50
      System.Globalization (>= 4.3) - framework: dnxcore50
      System.IO (>= 4.3) - framework: dnxcore50
      System.ObjectModel (>= 4.3) - framework: dnxcore50
      System.Resources.ResourceManager (>= 4.3) - framework: dnxcore50
      System.Runtime (>= 4.3) - framework: dnxcore50
      System.Runtime.Extensions (>= 4.3) - framework: dnxcore50
      System.Runtime.InteropServices (>= 4.3) - framework: dnxcore50
      System.Threading (>= 4.3) - framework: dnxcore50
      System.Threading.Tasks (>= 4.3) - framework: dnxcore50
    System.Security.Cryptography.Algorithms (4.3)
      Microsoft.NETCore.Platforms (>= 1.1) - framework: dnxcore50
      runtime.native.System.Security.Cryptography.Apple (>= 4.3) - framework: net10, net11, net20, net30, net35, net40, net40-full, net45, net451, net452, net453
      runtime.native.System.Security.Cryptography.OpenSsl (>= 4.3) - framework: net10, net11, net20, net30, net35, net40, net40-full, net45, net451, net452, net453
      System.Collections (>= 4.3) - framework: net10, net11, net20, net30, net35, net40, net40-full, net45, net451, net452, net453
      System.IO (>= 4.3) - framework: dnxcore50
      System.Resources.ResourceManager (>= 4.3) - framework: dnxcore50
      System.Runtime (>= 4.3) - framework: dnxcore50
      System.Runtime.Extensions (>= 4.3) - framework: dnxcore50
      System.Runtime.Handles (>= 4.3) - framework: dnxcore50
      System.Runtime.InteropServices (>= 4.3) - framework: dnxcore50
      System.Runtime.Numerics (>= 4.3) - framework: net10, net11, net20, net30, net35, net40, net40-full, net45, net451, net452, net453
      System.Security.Cryptography.Encoding (>= 4.3) - framework: dnxcore50
      System.Security.Cryptography.Primitives (>= 4.3) - framework: >= net46, dnxcore50
      System.Text.Encoding (>= 4.3) - framework: dnxcore50
    System.Security.Cryptography.Cng (4.3) - framework: dnxcore50
      System.Security.Cryptography.Algorithms (>= 4.3)
      System.Security.Cryptography.Primitives (>= 4.3)
    System.Security.Cryptography.Csp (4.3) - framework: net10, net11, net20, net30, net35, net40, net40-full, net45, net451, net452, net453
      Microsoft.NETCore.Platforms (>= 1.1) - framework: net10, net11, net20, net30, net35, net40, net40-full, net45, net451, net452, net453
      System.IO (>= 4.3) - framework: net10, net11, net20, net30, net35, net40, net40-full, net45, net451, net452, net453
      System.Reflection (>= 4.3) - framework: net10, net11, net20, net30, net35, net40, net40-full, net45, net451, net452, net453
      System.Resources.ResourceManager (>= 4.3) - framework: net10, net11, net20, net30, net35, net40, net40-full, net45, net451, net452, net453
      System.Runtime (>= 4.3) - framework: net10, net11, net20, net30, net35, net40, net40-full, net45, net451, net452, net453
      System.Runtime.Extensions (>= 4.3) - framework: net10, net11, net20, net30, net35, net40, net40-full, net45, net451, net452, net453
      System.Runtime.Handles (>= 4.3) - framework: net10, net11, net20, net30, net35, net40, net40-full, net45, net451, net452, net453
      System.Runtime.InteropServices (>= 4.3) - framework: net10, net11, net20, net30, net35, net40, net40-full, net45, net451, net452, net453
      System.Security.Cryptography.Encoding (>= 4.3) - framework: net10, net11, net20, net30, net35, net40, net40-full, net45, net451, net452, net453
      System.Text.Encoding (>= 4.3) - framework: net10, net11, net20, net30, net35, net40, net40-full, net45, net451, net452, net453
      System.Threading (>= 4.3) - framework: net10, net11, net20, net30, net35, net40, net40-full, net45, net451, net452, net453
    System.Security.Cryptography.Encoding (4.3)
      Microsoft.NETCore.Platforms (>= 1.1) - framework: net10, net11, net20, net30, net35, net40, net40-full, net45, net451, net452, net453
      runtime.native.System.Security.Cryptography.OpenSsl (>= 4.3) - framework: net10, net11, net20, net30, net35, net40, net40-full, net45, net451, net452, net453
      System.Collections (>= 4.3) - framework: net10, net11, net20, net30, net35, net40, net40-full, net45, net451, net452, net453
      System.Collections.Concurrent (>= 4.3) - framework: net10, net11, net20, net30, net35, net40, net40-full, net45, net451, net452, net453
      System.Linq (>= 4.3) - framework: net10, net11, net20, net30, net35, net40, net40-full, net45, net451, net452, net453
      System.Resources.ResourceManager (>= 4.3) - framework: net10, net11, net20, net30, net35, net40, net40-full, net45, net451, net452, net453
      System.Runtime (>= 4.3) - framework: net10, net11, net20, net30, net35, net40, net40-full, net45, net451, net452, net453
      System.Runtime.Extensions (>= 4.3) - framework: net10, net11, net20, net30, net35, net40, net40-full, net45, net451, net452, net453
      System.Runtime.Handles (>= 4.3) - framework: net10, net11, net20, net30, net35, net40, net40-full, net45, net451, net452, net453
      System.Runtime.InteropServices (>= 4.3) - framework: net10, net11, net20, net30, net35, net40, net40-full, net45, net451, net452, net453
      System.Security.Cryptography.Primitives (>= 4.3) - framework: net10, net11, net20, net30, net35, net40, net40-full, net45, net451, net452, net453
      System.Text.Encoding (>= 4.3) - framework: net10, net11, net20, net30, net35, net40, net40-full, net45, net451, net452, net453
    System.Security.Cryptography.OpenSsl (4.3) - framework: net10, net11, net20, net30, net35, net40, net40-full, net45, net451, net452, net453
      runtime.native.System.Security.Cryptography.OpenSsl (>= 4.3)
      System.Collections (>= 4.3)
      System.IO (>= 4.3)
      System.Resources.ResourceManager (>= 4.3)
      System.Runtime (>= 4.3)
      System.Runtime.Extensions (>= 4.3)
      System.Runtime.Handles (>= 4.3)
      System.Runtime.InteropServices (>= 4.3)
      System.Runtime.Numerics (>= 4.3)
      System.Security.Cryptography.Algorithms (>= 4.3)
      System.Security.Cryptography.Encoding (>= 4.3)
      System.Security.Cryptography.Primitives (>= 4.3)
      System.Text.Encoding (>= 4.3)
    System.Security.Cryptography.Primitives (4.3)
      System.Diagnostics.Debug (>= 4.3) - framework: net10, net11, net20, net30, net35, net40, net40-full, net45, net451, net452, net453
      System.Globalization (>= 4.3) - framework: net10, net11, net20, net30, net35, net40, net40-full, net45, net451, net452, net453
      System.IO (>= 4.3) - framework: net10, net11, net20, net30, net35, net40, net40-full, net45, net451, net452, net453
      System.Resources.ResourceManager (>= 4.3) - framework: net10, net11, net20, net30, net35, net40, net40-full, net45, net451, net452, net453
      System.Runtime (>= 4.3) - framework: net10, net11, net20, net30, net35, net40, net40-full, net45, net451, net452, net453
      System.Threading (>= 4.3) - framework: net10, net11, net20, net30, net35, net40, net40-full, net45, net451, net452, net453
      System.Threading.Tasks (>= 4.3) - framework: net10, net11, net20, net30, net35, net40, net40-full, net45, net451, net452, net453
    System.Security.Cryptography.X509Certificates (4.3)
      Microsoft.NETCore.Platforms (>= 1.1) - framework: dnxcore50
      runtime.native.System (>= 4.3) - framework: net10, net11, net20, net30, net35, net40, net40-full, net45, net451, net452, net453
      runtime.native.System.Net.Http (>= 4.3) - framework: net10, net11, net20, net30, net35, net40, net40-full, net45, net451, net452, net453
      runtime.native.System.Security.Cryptography.OpenSsl (>= 4.3) - framework: net10, net11, net20, net30, net35, net40, net40-full, net45, net451, net452, net453
      System.Collections (>= 4.3) - framework: dnxcore50
      System.Diagnostics.Debug (>= 4.3) - framework: net10, net11, net20, net30, net35, net40, net40-full, net45, net451, net452, net453
      System.Globalization (>= 4.3) - framework: dnxcore50
      System.Globalization.Calendars (>= 4.3) - framework: dnxcore50
      System.IO (>= 4.3) - framework: dnxcore50
      System.IO.FileSystem (>= 4.3) - framework: dnxcore50
      System.IO.FileSystem.Primitives (>= 4.3) - framework: net10, net11, net20, net30, net35, net40, net40-full, net45, net451, net452, net453
      System.Resources.ResourceManager (>= 4.3) - framework: dnxcore50
      System.Runtime (>= 4.3) - framework: dnxcore50
      System.Runtime.Extensions (>= 4.3) - framework: dnxcore50
      System.Runtime.Handles (>= 4.3) - framework: dnxcore50
      System.Runtime.InteropServices (>= 4.3) - framework: dnxcore50
      System.Runtime.Numerics (>= 4.3) - framework: dnxcore50
      System.Security.Cryptography.Algorithms (>= 4.3) - framework: >= net46, dnxcore50
      System.Security.Cryptography.Cng (>= 4.3) - framework: dnxcore50
      System.Security.Cryptography.Csp (>= 4.3) - framework: net10, net11, net20, net30, net35, net40, net40-full, net45, net451, net452, net453
      System.Security.Cryptography.Encoding (>= 4.3) - framework: >= net46, dnxcore50
      System.Security.Cryptography.OpenSsl (>= 4.3) - framework: net10, net11, net20, net30, net35, net40, net40-full, net45, net451, net452, net453
      System.Security.Cryptography.Primitives (>= 4.3) - framework: dnxcore50
      System.Text.Encoding (>= 4.3) - framework: dnxcore50
      System.Threading (>= 4.3) - framework: dnxcore50
    System.Text.Encoding (4.3)
      Microsoft.NETCore.Platforms (>= 1.1) - framework: dnxcore50
      Microsoft.NETCore.Targets (>= 1.1) - framework: dnxcore50
      System.Runtime (>= 4.3) - framework: dnxcore50
    System.Text.Encoding.Extensions (4.3)
      Microsoft.NETCore.Platforms (>= 1.1) - framework: dnxcore50
      Microsoft.NETCore.Targets (>= 1.1) - framework: dnxcore50
      System.Runtime (>= 4.3) - framework: dnxcore50
      System.Text.Encoding (>= 4.3) - framework: dnxcore50
    System.Text.RegularExpressions (4.3)
      System.Collections (>= 4.3) - framework: dnxcore50
      System.Globalization (>= 4.3) - framework: dnxcore50
      System.Resources.ResourceManager (>= 4.3) - framework: dnxcore50
      System.Runtime (>= 4.3) - framework: dnxcore50
      System.Runtime.Extensions (>= 4.3) - framework: dnxcore50
      System.Threading (>= 4.3) - framework: dnxcore50
    System.Threading (4.3)
      System.Runtime (>= 4.3) - framework: dnxcore50
      System.Threading.Tasks (>= 4.3) - framework: dnxcore50
    System.Threading.Tasks (4.3)
      Microsoft.NETCore.Platforms (>= 1.1) - framework: dnxcore50
      Microsoft.NETCore.Targets (>= 1.1) - framework: dnxcore50
      System.Runtime (>= 4.3) - framework: dnxcore50
    System.Threading.Tasks.Extensions (4.3) - framework: dnxcore50
    System.Threading.Tasks.Parallel (4.3)
      System.Collections.Concurrent (>= 4.3) - framework: dnxcore50
      System.Diagnostics.Debug (>= 4.3) - framework: dnxcore50
      System.Diagnostics.Tracing (>= 4.3) - framework: dnxcore50
      System.Resources.ResourceManager (>= 4.3) - framework: dnxcore50
      System.Runtime (>= 4.3) - framework: dnxcore50
      System.Runtime.Extensions (>= 4.3) - framework: dnxcore50
      System.Threading (>= 4.3) - framework: dnxcore50
      System.Threading.Tasks (>= 4.3) - framework: dnxcore50
    System.Threading.Thread (4.3)
      System.Runtime (>= 4.3) - framework: net10, net11, net20, net30, net35, net40, net40-full, net45, net451, net452, net453
    System.Threading.ThreadPool (4.3)
      System.Runtime (>= 4.3) - framework: net10, net11, net20, net30, net35, net40, net40-full, net45, net451, net452, net453
      System.Runtime.Handles (>= 4.3) - framework: net10, net11, net20, net30, net35, net40, net40-full, net45, net451, net452, net453
    System.Threading.Timer (4.3)
      Microsoft.NETCore.Platforms (>= 1.1) - framework: dnxcore50
      Microsoft.NETCore.Targets (>= 1.1) - framework: dnxcore50
      System.Runtime (>= 4.3) - framework: dnxcore50
    System.Xml.ReaderWriter (4.3)
      System.Collections (>= 4.3) - framework: dnxcore50
      System.Diagnostics.Debug (>= 4.3) - framework: dnxcore50
      System.Globalization (>= 4.3) - framework: dnxcore50
      System.IO (>= 4.3) - framework: dnxcore50
      System.IO.FileSystem (>= 4.3) - framework: dnxcore50
      System.IO.FileSystem.Primitives (>= 4.3) - framework: dnxcore50
      System.Resources.ResourceManager (>= 4.3) - framework: dnxcore50
      System.Runtime (>= 4.3) - framework: dnxcore50
      System.Runtime.Extensions (>= 4.3) - framework: dnxcore50
      System.Runtime.InteropServices (>= 4.3) - framework: dnxcore50
      System.Text.Encoding (>= 4.3) - framework: dnxcore50
      System.Text.Encoding.Extensions (>= 4.3) - framework: dnxcore50
      System.Text.RegularExpressions (>= 4.3) - framework: dnxcore50
      System.Threading.Tasks (>= 4.3) - framework: dnxcore50
      System.Threading.Tasks.Extensions (>= 4.3) - framework: dnxcore50
    System.Xml.XDocument (4.3)
      System.Collections (>= 4.3) - framework: dnxcore50
      System.Diagnostics.Debug (>= 4.3) - framework: dnxcore50
      System.Diagnostics.Tools (>= 4.3) - framework: dnxcore50
      System.Globalization (>= 4.3) - framework: dnxcore50
      System.IO (>= 4.3) - framework: dnxcore50
      System.Reflection (>= 4.3) - framework: dnxcore50
      System.Resources.ResourceManager (>= 4.3) - framework: dnxcore50
      System.Runtime (>= 4.3) - framework: dnxcore50
      System.Runtime.Extensions (>= 4.3) - framework: dnxcore50
      System.Text.Encoding (>= 4.3) - framework: dnxcore50
      System.Threading (>= 4.3) - framework: dnxcore50
      System.Xml.ReaderWriter (>= 4.3) - framework: dnxcore50

GROUP Test
NUGET
  remote: https://www.nuget.org/api/v2
  specs:
    NUnit (3.5)
    NUnit.ConsoleRunner (3.5)
    NUnit.Extension.NUnitProjectLoader (3.5)
    NUnit.Extension.NUnitV2Driver (3.5)
    NUnit.Extension.NUnitV2ResultWriter (3.5)
    NUnit.Extension.TeamCityEventListener (1.0.2)
    NUnit.Extension.VSProjectLoader (3.5)
    NUnit.Runners (3.5)
      NUnit.ConsoleRunner (>= 3.5)
      NUnit.Extension.NUnitProjectLoader (>= 3.5)
      NUnit.Extension.NUnitV2Driver (>= 3.5)
      NUnit.Extension.NUnitV2ResultWriter (>= 3.5)
      NUnit.Extension.TeamCityEventListener (>= 1.0.2)
      NUnit.Extension.VSProjectLoader (>= 3.5)
